GEM
  remote: https://rubygems.org/
  specs:
    backports (3.6.4)
    coderay (1.1.0)
    domain_name (0.6.20240107)
    http-cookie (1.0.5)
      domain_name (~> 0.5)
    json (2.3.0)
    method_source (0.8.2)
    mime-types (2.99.3)
    multi_json (1.11.0)
    netrc (0.11.0)
    passenger (5.3.2)
      rack
      rake (>= 0.8.1)
    pry (0.10.1)
      coderay (~> 1.1.0)
      method_source (~> 0.8.1)
      slop (~> 3.4)
    rack (1.6.13)
    rack-protection (1.5.5)
      rack
    rack-test (0.6.3)
      rack (>= 1.0)
    rake (13.1.0)
    rest-client (1.8.0)
      http-cookie (>= 1.0.2, < 2.0)
      mime-types (>= 1.16, < 3.0)
      netrc (~> 0.7)
    sinatra (1.4.8)
      rack (~> 1.5)
      rack-protection (~> 1.4)
      tilt (>= 1.3, < 3)
    sinatra-contrib (1.4.2)
      backports (>= 2.0)
      multi_json
      rack-protection
      rack-test
      sinatra (~> 1.4.0)
      tilt (~> 1.3)
    slop (3.6.0)
    tilt (1.4.1)

PLATFORMS
  ruby

DEPENDENCIES
  json
  passenger
  pry
  rest-client
  sinatra
  sinatra-contrib
